PATH
  remote: .
  specs:
    kindlize-email (0.1.0)
      down
      mail
      nokogiri

GEM
  remote: https://rubygems.org/
  specs:
    addressable (2.7.0)
      public_suffix (>= 2.0.2, < 5.0)
    byebug (11.1.3)
    coderay (1.1.3)
    down (5.2.0)
      addressable (~> 2.5)
    mail (2.7.1)
      mini_mime (>= 0.1.1)
    method_source (1.0.0)
    mini_mime (1.1.0)
    mini_portile2 (2.5.1)
    nokogiri (1.11.3)
      mini_portile2 (~> 2.5.0)
      racc (~> 1.4)
    pry (0.14.1)
      coderay (~> 1.1)
      method_source (~> 1.0)
    pry-byebug (3.8.0)
      byebug (~> 11.0)
      pry (~> 0.10)
    public_suffix (4.0.6)
    racc (1.5.2)
    rake (12.3.3)

PLATFORMS
  ruby
  x86_64-linux

DEPENDENCIES
  kindlize-email!
  pry-byebug
  rake (~> 12.0)

BUNDLED WITH
   2.1.4
